GEM
  remote: http://rubygems.org/
  specs:
    minitest (5.4.0)

PLATFORMS
  ruby

DEPENDENCIES
  minitest (~> 5.4)

BUNDLED WITH
   1.11.2
